GEM
  remote: https://rubygems.org/
  specs:
    pkg-config (1.5.5)
    rmagick (5.3.0)
      pkg-config (~> 1.4)
    slop (4.2.1)

PLATFORMS
  ruby

DEPENDENCIES
  rmagick
  slop (>= 4.0)

BUNDLED WITH
   1.10.6
